GIT
  remote: git://github.com/octopress/hooks.git
  revision: 9ec9efcbe8e2aa4d79d2a35543a29b51f3e6feb2
  specs:
    octopress-hooks (2.6.1)
      jekyll (>= 2.0)

GEM
  remote: https://rubygems.org/
  specs:
    autoprefixer-rails (6.3.1)
      execjs
      json
    colorator (0.1)
    execjs (2.6.0)
    ffi (1.9.10)
    jekyll (3.1.0)
      colorator (~> 0.1)
      jekyll-sass-converter (~> 1.0)
      jekyll-watch (~> 1.1)
      kramdown (~> 1.3)
      liquid (~> 3.0)
      mercenary (~> 0.3.3)
      rouge (~> 1.7)
      safe_yaml (~> 1.0)
    jekyll-paginate (1.1.0)
    jekyll-sass-converter (1.4.0)
      sass (~> 3.4)
    jekyll-watch (1.3.1)
      listen (~> 3.0)
    json (1.8.3)
    kramdown (1.9.0)
    liquid (3.0.6)
    listen (3.0.5)
      rb-fsevent (>= 0.9.3)
      rb-inotify (>= 0.9)
    mercenary (0.3.5)
    octopress (3.0.11)
      jekyll (>= 2.0)
      mercenary (~> 0.3.2)
      octopress-deploy
      octopress-escape-code (~> 2.0)
      octopress-hooks (~> 2.0)
      redcarpet (~> 3.0)
      titlecase
    octopress-asset-pipeline (2.0.6)
      octopress-ink (~> 1.1.0)
    octopress-autoprefixer (2.0.0)
      autoprefixer-rails
      jekyll (~> 3.0)
    octopress-categories (0.0.1)
      octopress-ink (>= 1.0.0.rc)
    octopress-code-highlighter (4.3.0)
      jekyll (~> 3.0)
    octopress-codefence (1.7.0)
      jekyll (~> 3.0)
      octopress-code-highlighter (~> 4.2)
    octopress-date-format (3.0.3)
      jekyll (>= 2.0)
    octopress-deploy (1.3.0)
      colorator
    octopress-escape-code (2.1.1)
      jekyll (~> 3.0)
    octopress-feeds (2.0.4)
      octopress-date-format
      octopress-ink (~> 1.0)
      octopress-return-tag
    octopress-filters (1.4.0)
      jekyll
      octopress-hooks (~> 2.0)
      rubypants-unicode
      titlecase
    octopress-gist (1.3.5)
      octopress-code-highlighter (~> 4.2)
    octopress-include-tag (1.1.3)
      jekyll (>= 2.0)
      octopress-tag-helpers (~> 1.0)
    octopress-ink (1.1.4)
      jekyll (>= 2.0)
      octopress (~> 3.0)
      octopress-autoprefixer
      octopress-date-format
      octopress-filters (~> 1.1)
      octopress-hooks (~> 2.2)
      octopress-include-tag (~> 1.0)
      uglifier (~> 2.5)
    octopress-linkblog (2.0.2)
      octopress-hooks (~> 2.1)
      titlecase
    octopress-paginate (1.1.2)
      octopress-hooks
    octopress-pullquote-tag (1.0.1)
      jekyll
      rubypants-unicode
    octopress-quote-tag (1.0.4)
      jekyll
      rubypants
    octopress-return-tag (1.0.1)
      jekyll
      octopress-tag-helpers (~> 1.0)
    octopress-social (1.4.5)
      jekyll (>= 2.0)
    octopress-solarized (1.1.2)
      octopress-ink (~> 1.0)
    octopress-tag-helpers (1.0.8)
      jekyll (>= 2.0)
    posix-spawn (0.3.11)
    pygments.rb (0.6.3)
      posix-spawn (~> 0.3.6)
      yajl-ruby (~> 1.2.0)
    rb-fsevent (0.9.7)
    rb-inotify (0.9.5)
      ffi (>= 0.5.0)
    rdiscount (2.1.8)
    redcarpet (3.3.4)
    rouge (1.10.1)
    rubypants (0.2.0)
    rubypants-unicode (0.2.5)
    safe_yaml (1.0.4)
    sass (3.4.21)
    titlecase (0.1.1)
    uglifier (2.7.2)
      execjs (>= 0.3.0)
      json (>= 1.8.0)
    yajl-ruby (1.2.1)

PLATFORMS
  ruby

DEPENDENCIES
  jekyll-paginate
  kramdown
  octopress
  octopress-asset-pipeline
  octopress-categories
  octopress-code-highlighter
  octopress-codefence
  octopress-date-format
  octopress-deploy
  octopress-feeds
  octopress-gist
  octopress-hooks!
  octopress-ink
  octopress-linkblog
  octopress-paginate
  octopress-pullquote-tag
  octopress-quote-tag
  octopress-social
  octopress-solarized
  pygments.rb
  rdiscount
  rouge

BUNDLED WITH
   1.11.2
